GEM
  specs:
    coderay (1.1.1)
    method_source (0.8.2)
    pry (0.10.4)
      coderay (~> 1.1.0)
      method_source (~> 0.8.1)
      slop (~> 3.4)
    random-word-generator (0.0.1)
      sqlite3-ruby (>= 1.2.1)
    require_all (1.3.3)
    slop (3.6.0)
    sqlite3 (1.3.13)
    sqlite3-ruby (1.3.3)
      sqlite3 (>= 1.3.3)

PLATFORMS
  ruby

DEPENDENCIES
  pry
  random-word-generator (~> 0.0.1)
  require_all

BUNDLED WITH
   1.15.0
