GEM
  remote: https://rubygems.org/
  specs:
    addressable (2.3.8)
    coderay (1.1.1)
    json (1.8.3)
    method_source (0.8.2)
    mime-types (1.25.1)
    pry (0.10.4)
      coderay (~> 1.1.0)
      method_source (~> 0.8.1)
      slop (~> 3.4)
    require_all (1.3.3)
    rest-client (1.6.9)
      mime-types (~> 1.16)
    slop (3.6.0)
    unirest (1.1.2)
      addressable (~> 2.3.5)
      json (~> 1.8.1)
      rest-client (~> 1.6.7)

PLATFORMS
  ruby

DEPENDENCIES
  pry
  require_all
  unirest

BUNDLED WITH
   1.15.1
